GEM
  remote: https://rubygems.org/
  specs:
    blankslate (2.1.2.4)
    evernote-thrift (1.25.0)
    evernote_oauth (0.2.1)
      evernote-thrift
      oauth (>= 0.4.1)
    oauth (0.4.7)
    parslet (1.5.0)
      blankslate (~> 2.0)
    toml (0.0.4)
      parslet

PLATFORMS
  ruby

DEPENDENCIES
  evernote_oauth
  toml
