GEM
  remote: https://rubygems.org/
  specs:
    blankslate (2.1.2.4)
    diff-lcs (1.2.5)
    evernote-thrift (1.25.1)
    evernote_oauth (0.2.3)
      evernote-thrift
      oauth (>= 0.4.1)
    oauth (0.4.7)
    parslet (1.5.0)
      blankslate (~> 2.0)
    rake (10.3.2)
    rspec (3.0.0)
      rspec-core (~> 3.0.0)
      rspec-expectations (~> 3.0.0)
      rspec-mocks (~> 3.0.0)
    rspec-core (3.0.4)
      rspec-support (~> 3.0.0)
    rspec-expectations (3.0.4)
      diff-lcs (>= 1.2.0, < 2.0)
      rspec-support (~> 3.0.0)
    rspec-mocks (3.0.4)
      rspec-support (~> 3.0.0)
    rspec-support (3.0.4)
    toml (0.1.1)
      parslet (~> 1.5.0)

PLATFORMS
  ruby

DEPENDENCIES
  evernote_oauth
  rake
  rspec
  toml
