GEM
  remote: https://rubygems.org/
  specs:
    blankslate (2.1.2.4)
    diff-lcs (1.2.4)
    evernote-thrift (1.25.0)
    evernote_oauth (0.2.1)
      evernote-thrift
      oauth (>= 0.4.1)
    oauth (0.4.7)
    parslet (1.5.0)
      blankslate (~> 2.0)
    rspec (2.14.1)
      rspec-core (~> 2.14.0)
      rspec-expectations (~> 2.14.0)
      rspec-mocks (~> 2.14.0)
    rspec-core (2.14.5)
    rspec-expectations (2.14.2)
      diff-lcs (>= 1.1.3, < 2.0)
    rspec-mocks (2.14.3)
    toml (0.0.4)
      parslet

PLATFORMS
  ruby

DEPENDENCIES
  evernote_oauth
  rspec
  toml
